GIT
  remote: https://github.com/flipback/rmodbus.git
  revision: d606b47697bf72c9e22f355c198de17691bbe2df
  specs:
    rmodbus (1.2.0)

GEM
  remote: https://rubygems.org/
  specs:
    addressable (2.3.4)
    daemons (1.1.9)
    em-websocket (0.3.8)
      addressable (>= 2.1.1)
      eventmachine (>= 0.12.9)
    eventmachine (1.0.3)
    eventmachine (1.0.3-x86-mingw32)
    haml (4.0.2)
      tilt
    json (1.7.7)
    rack (1.5.2)
    rack-protection (1.5.0)
      rack
    redis (3.0.4)
    sass (3.2.9)
    serialport (1.1.0)
    sinatra (1.4.2)
      rack (~> 1.5, >= 1.5.2)
      rack-protection (~> 1.4)
      tilt (~> 1.3, >= 1.3.4)
    sinatra-websocket (0.3.0)
      em-websocket (~> 0.3.6)
      eventmachine
      thin (>= 1.3.1)
    thin (1.5.1)
      daemons (>= 1.0.9)
      eventmachine (>= 0.12.6)
      rack (>= 1.0.0)
    tilt (1.4.1)

PLATFORMS
  ruby
  x86-mingw32

DEPENDENCIES
  haml (~> 4.0.2)
  json (~> 1.7.7)
  redis (~> 3.0.4)
  rmodbus!
  sass (~> 3.2.8)
  serialport (~> 1.1.0)
  sinatra (~> 1.4.2)
  sinatra-websocket (~> 0.3.0)
  thin (~> 1.5.1)
